GEM
  remote: https://rubygems.org/
  specs:
    activesupport (4.2.1)
      i18n (~> 0.7)
      json (~> 1.7, >= 1.7.7)
      minitest (~> 5.1)
      thread_safe (~> 0.3, >= 0.3.4)
      tzinfo (~> 1.1)
    bones (3.8.3)
      little-plugger (~> 1.1)
      loquacious (~> 1.9)
      rake (~> 10.0)
      rdoc (~> 4.0)
    capistrano (3.4.0)
      i18n
      rake (>= 10.0.0)
      sshkit (~> 1.3)
    coderay (1.1.0)
    colorize (0.7.5)
    config_service (1.0.0)
      activesupport
      logging (~> 0)
    flexmock (1.3.3)
    i18n (0.7.0)
    json (1.8.2)
    little-plugger (1.1.3)
    lockfile (2.1.3)
    logging (0.9.8)
      bones (>= 2.5.0)
      flexmock (>= 0.8.2)
      lockfile (>= 1.4.3)
    loquacious (1.9.1)
    method_source (0.8.2)
    minitest (5.6.0)
    net-scp (1.2.1)
      net-ssh (>= 2.6.5)
    net-ssh (2.9.2)
    pry (0.10.1)
      coderay (~> 1.1.0)
      method_source (~> 0.8.1)
      slop (~> 3.4)
    puma (2.11.2)
      rack (>= 1.1, < 2.0)
    rack (1.6.0)
    rack-protection (1.5.3)
      rack
    rake (10.4.2)
    rdoc (4.2.0)
      json (~> 1.4)
    sinatra (1.4.6)
      rack (~> 1.4)
      rack-protection (~> 1.4)
      tilt (>= 1.3, < 3)
    slop (3.6.0)
    sshkit (1.7.1)
      colorize (>= 0.7.0)
      net-scp (>= 1.1.2)
      net-ssh (>= 2.8.0)
    thread_safe (0.3.5)
    tilt (2.0.1)
    tzinfo (1.2.2)
      thread_safe (~> 0.1)

PLATFORMS
  ruby

DEPENDENCIES
  activesupport
  capistrano
  config_service
  minitest
  pry
  puma
  sinatra
