GEM
  remote: https://rubygems.org/
  specs:
    actionview (4.2.1)
      activesupport (= 4.2.1)
      builder (~> 3.1)
      erubis (~> 2.7.0)
      rails-dom-testing (~> 1.0, >= 1.0.5)
      rails-html-sanitizer (~> 1.0, >= 1.0.1)
    activesupport (4.2.1)
      i18n (~> 0.7)
      json (~> 1.7, >= 1.7.7)
      minitest (~> 5.1)
      thread_safe (~> 0.3, >= 0.3.4)
      tzinfo (~> 1.1)
    addressable (2.3.8)
    ansi (1.5.0)
    awesome_print (1.6.1)
    bones (3.8.3)
      little-plugger (~> 1.1)
      loquacious (~> 1.9)
      rake (~> 10.0)
      rdoc (~> 4.0)
    builder (3.2.2)
    capistrano (3.4.0)
      i18n
      rake (>= 10.0.0)
      sshkit (~> 1.3)
    capybara (2.4.4)
      mime-types (>= 1.16)
      nokogiri (>= 1.3.3)
      rack (>= 1.0.0)
      rack-test (>= 0.5.4)
      xpath (~> 2.0)
    capybara-json (0.4.0)
      capybara
      httpclient (~> 2.2)
      multi_json (~> 1.3)
    capybara_minitest_spec (1.0.5)
      capybara (>= 2)
      minitest (>= 4)
    coderay (1.1.0)
    colorize (0.7.5)
    config_service (1.0.0)
      activesupport
      logging (~> 0)
    erubis (2.7.0)
    faraday (0.9.1)
      multipart-post (>= 1.2, < 3)
    flexmock (1.3.3)
    httpclient (2.6.0.1)
    i18n (0.7.0)
    json (1.8.2)
    json-schema (2.5.1)
      addressable (~> 2.3.7)
    little-plugger (1.1.3)
    lockfile (2.1.3)
    logging (0.9.8)
      bones (>= 2.5.0)
      flexmock (>= 0.8.2)
      lockfile (>= 1.4.3)
    loofah (2.0.2)
      nokogiri (>= 1.5.9)
    loquacious (1.9.1)
    metaclass (0.0.4)
    method_source (0.8.2)
    mime-types (2.4.3)
    mini_portile (0.6.2)
    minitest (5.6.0)
    minitest-line (0.6.2)
      minitest (~> 5.0)
    minitest-reporters (1.0.11)
      ansi
      builder
      minitest (>= 5.0)
      ruby-progressbar
    mocha (1.1.0)
      metaclass (~> 0.0.1)
    multi_json (1.11.0)
    multipart-post (2.0.0)
    net-scp (1.2.1)
      net-ssh (>= 2.6.5)
    net-ssh (2.9.2)
    nokogiri (1.6.6.2)
      mini_portile (~> 0.6.0)
    pry (0.10.1)
      coderay (~> 1.1.0)
      method_source (~> 0.8.1)
      slop (~> 3.4)
    puma (2.11.2)
      rack (>= 1.1, < 2.0)
    rack (1.6.0)
    rack-protection (1.5.3)
      rack
    rack-test (0.6.3)
      rack (>= 1.0)
    rails-deprecated_sanitizer (1.0.3)
      activesupport (>= 4.2.0.alpha)
    rails-dom-testing (1.0.6)
      activesupport (>= 4.2.0.beta, < 5.0)
      nokogiri (~> 1.6.0)
      rails-deprecated_sanitizer (>= 1.0.1)
    rails-html-sanitizer (1.0.2)
      loofah (~> 2.0)
    rake (10.4.2)
    rdoc (4.2.0)
      json (~> 1.4)
    ruby-progressbar (1.7.5)
    ruby_l10n (0.0.3)
      actionview
      activesupport
      config_service
      logging (~> 0)
    sinatra (1.4.6)
      rack (~> 1.4)
      rack-protection (~> 1.4)
      tilt (>= 1.3, < 3)
    slop (3.6.0)
    sshkit (1.7.1)
      colorize (>= 0.7.0)
      net-scp (>= 1.1.2)
      net-ssh (>= 2.8.0)
    thread_safe (0.3.5)
    tilt (2.0.1)
    tzinfo (1.2.2)
      thread_safe (~> 0.1)
    xpath (2.0.0)
      nokogiri (~> 1.3)

PLATFORMS
  ruby

DEPENDENCIES
  activesupport
  awesome_print
  capistrano
  capybara
  capybara-json
  capybara_minitest_spec
  config_service
  faraday
  json-schema
  minitest
  minitest-line
  minitest-reporters
  mocha
  multi_json
  pry
  puma
  rack-test
  ruby_l10n
  sinatra

BUNDLED WITH
   1.10.3
